GENERATE-LOAD-SCRIPTS: ON
RESTRICTION: == net47
NUGET
  remote: https://www.nuget.org/api/v2
    Argu (5.1)
      FSharp.Core (>= 4.0.0.1)
    AsyncIO (0.1.40)
    Base58Check (0.2)
    BouncyCastle (1.8.2)
    FAKE (4.64.13)
    FParsec (1.0.3)
      FSharp.Core (>= 4.0.0.1)
    FsBech32 (0.1.0.7)
      FSharp.Compiler.Tools
      FSharp.Core
    FsCheck (3.0.0-alpha3)
      FSharp.Core (>= 4.0.0.1)
    FsCheck.NUnit (3.0.0-alpha3)
      FsCheck (3.0.0-alpha3)
      NUnit (>= 3.8.1 < 4.0)
    FSharp.Compatibility.OCaml (0.1.13)
    FSharp.Compiler.Tools (10.0.2)
    FSharp.Configuration (1.4)
      FSharp.Core (>= 4.0.0.1)
    FSharp.Control.AsyncSeq (2.0.21)
      FSharp.Core (>= 3.1.2)
    FSharp.Control.Reactive (4.0)
      FSharp.Core (>= 4.2.3)
      System.Reactive (>= 3.1.1)
    FSharp.Core (4.3.4)
    FSharp.Data (2.4.6)
    FSharpx.Async (1.13.2)
      FSharp.Control.AsyncSeq
      FSharp.Core
    FSharpx.Collections (1.17)
      FSharp.Core
    FSharpx.Extras (2.2.1)
      FSharpx.Async
      FSharpx.Collections
    FsNetMQ (0.2.7)
      FSharp.Core
      NetMQ (>= 4.0.0.156-pre)
    FsPickler (5.2)
      FSharp.Core (>= 3.1.2)
    FsUnit (3.1)
      FSharp.Core (>= 4.2.3)
      NUnit (>= 3.9 < 4.0)
    Hopac (0.3.23)
      FSharp.Core (>= 3.1.2.5)
    LightningDB (0.10)
    Logary (4.2.1)
      FParsec (>= 1.0.2)
      FSharp.Core (>= 4.0.0.1)
      Hopac (>= 0.3.23)
      NodaTime (>= 1.3.2)
    Microsoft.NETCore.Platforms (2.0.2)
    NBitcoin (4.1.1.8)
      Newtonsoft.Json (>= 9.0.1)
      System.Net.Http (>= 4.3.2)
      System.Net.Requests (>= 4.3)
    NetMQ (4.0.0.156-pre)
      AsyncIO (>= 0.1.40)
    NETStandard.Library (2.0.3)
      Microsoft.NETCore.Platforms (>= 1.1)
    Newtonsoft.Json (11.0.2)
    NodaTime (1.3.2)
    NUnit (3.10.1)
    secp256k1_vc141 (0.1.0.16)
    SpecFlow (2.3.2)
      Newtonsoft.Json (>= 9.0.1)
      System.ValueTuple (>= 4.3)
    SpecFlow.NUnit (2.3.2)
      NUnit (>= 3.0)
      SpecFlow (2.3.2)
    System.Collections.Immutable (1.4)
      NETStandard.Library (>= 1.6.1)
    System.IO (4.3)
    System.Net.Http (4.3.3)
      System.Security.Cryptography.X509Certificates (>= 4.3)
    System.Net.Requests (4.3)
    System.Reactive (4.0)
    System.Reactive.Compatibility (4.0)
      System.Reactive.Core (>= 4.0)
      System.Reactive.Experimental (>= 4.0)
      System.Reactive.Interfaces (>= 4.0)
      System.Reactive.Linq (>= 4.0)
      System.Reactive.PlatformServices (>= 4.0)
      System.Reactive.Providers (>= 4.0)
      System.Reactive.Runtime.Remoting (>= 4.0)
      System.Reactive.Windows.Forms (>= 4.0)
      System.Reactive.Windows.Threading (>= 4.0)
    System.Reactive.Core (4.0)
      System.Reactive (>= 4.0)
    System.Reactive.Experimental (4.0)
      System.Reactive (>= 4.0)
    System.Reactive.Interfaces (4.0)
      System.Reactive (>= 4.0)
    System.Reactive.Linq (4.0)
      System.Reactive (>= 4.0)
    System.Reactive.PlatformServices (4.0)
      System.Reactive (>= 4.0)
    System.Reactive.Providers (4.0)
      System.Reactive (>= 4.0)
    System.Reactive.Runtime.Remoting (4.0)
      System.Reactive (>= 4.0)
    System.Reactive.Windows.Forms (4.0)
      System.Reactive (>= 4.0)
    System.Reactive.Windows.Threading (4.0)
      System.Reactive (>= 4.0)
    System.Reflection.Metadata (1.5)
      NETStandard.Library (>= 1.6.1)
      System.Collections.Immutable (>= 1.4)
    System.Runtime (4.3)
    System.Security.Cryptography.Algorithms (4.3.1)
      System.IO (>= 4.3)
      System.Runtime (>= 4.3)
      System.Security.Cryptography.Encoding (>= 4.3)
      System.Security.Cryptography.Primitives (>= 4.3)
    System.Security.Cryptography.Encoding (4.3)
    System.Security.Cryptography.Primitives (4.3)
    System.Security.Cryptography.X509Certificates (4.3.2)
      System.Security.Cryptography.Algorithms (>= 4.3)
      System.Security.Cryptography.Encoding (>= 4.3)
    System.ValueTuple (4.4)
    Zen.FSharp.Compiler.Service (17.0.2)
      System.Collections.Immutable (>= 1.3.1)
      System.Reflection.Metadata (>= 1.4.2)
    ZFS-Tools (0.0.19)
    ZFStar (0.0.19)
  remote: https://www.myget.org/F/nunit/api/v3/index.json
    NUnit.ConsoleRunner (3.9.0-dev-04001)
  remote: https://www.myget.org/F/zenprotocol/api/v2
    zen_secp256k1_linux (0.1.0.26-v6ad5cdb42a1a)
    zen_secp256k1_osx (0.1.0.26-v6ad5cdb42a1a)
    zen_z3_linux (4.5.1.8-v1f29cebd4df)
    zen_z3_osx (4.5.1.8-v1f29cebd4df6)
    zen_z3_windows (4.5.1.7-v1f29cebd4df)
