RESTRICTION: == net462
NUGET
  remote: https://www.nuget.org/api/v2
    Argu (3.7)
    AsyncIO (0.1.40)
    Baseclass.Contrib.Nuget.Output (2.4)
    BouncyCastle (1.8.1)
    FAKE (4.63.2)
    FsCheck (2.10.3)
      FSharp.Core (>= 4.1)
    FsCheck.Xunit (2.10.3)
      FsCheck (>= 2.10.3)
      xunit.extensibility.execution (>= 2.2 < 3.0)
    FSharp.Compatibility.OCaml (0.1.12)
    FSharp.Configuration (1.3.1)
      FSharp.Core (>= 4.0.0.1)
    FSharp.Control.Reactive (3.5)
      System.Reactive (>= 3.0)
    FSharp.Core (4.2.3)
    FSharp.Data (2.4.2)
    FsNetMQ (0.2.5)
      FSharp.Core
      NetMQ (>= 4.0.0.156-pre)
    FsPickler (4.5)
      FSharp.Core (>= 3.1)
    FsUnit.xUnit (3.1.0-beta2)
      FSharp.Core (>= 4.2.3 < 4.3)
      NHamcrest (>= 2.0.1 < 2.1)
      xunit (>= 2.3 < 2.4)
    libsodium-net (0.10)
      Baseclass.Contrib.Nuget.Output (>= 2.1)
    Microsoft.NETCore.Platforms (2.0)
    NetMQ (4.0.0.156-pre)
      AsyncIO (>= 0.1.40)
    NETStandard.Library (2.0.1)
      Microsoft.NETCore.Platforms (>= 1.1)
    NHamcrest (2.0.1)
    System.Collections.Immutable (1.4)
      NETStandard.Library (>= 1.6.1)
    System.Reactive (3.1.1)
      System.Reactive.PlatformServices (>= 3.1.1)
      System.Reactive.Windows.Threading (>= 3.1.1)
    System.Reactive.Core (3.1.1)
      System.Reactive.Interfaces (>= 3.1.1)
    System.Reactive.Interfaces (3.1.1)
    System.Reactive.Linq (3.1.1)
      System.Reactive.Core (>= 3.1.1)
    System.Reactive.PlatformServices (3.1.1)
      System.Reactive.Linq (>= 3.1.1)
    System.Reactive.Windows.Threading (3.1.1)
      System.Reactive.Core (>= 3.1.1)
    System.Reflection.Metadata (1.5)
      NETStandard.Library (>= 1.6.1)
      System.Collections.Immutable (>= 1.4)
    xunit (2.3.1)
      xunit.analyzers (>= 0.7)
      xunit.assert (2.3.1)
      xunit.core (2.3.1)
    xunit.abstractions (2.0.1)
    xunit.analyzers (0.7)
    xunit.assert (2.3.1)
    xunit.core (2.3.1)
      xunit.extensibility.core (2.3.1)
      xunit.extensibility.execution (2.3.1)
    xunit.extensibility.core (2.3.1)
      xunit.abstractions (>= 2.0.1)
    xunit.extensibility.execution (2.3.1)
      xunit.extensibility.core (2.3.1)
    xunit.runner.console (2.3.1)
    Zen.FSharp.Compiler.Service (13.0.1)
      System.Collections.Immutable (>= 1.3.1)
      System.Reflection.Metadata (>= 1.4.2)
